GEM
  remote: https://rubygems.org/
  specs:
    google-protobuf (3.24.3-arm64-darwin)
    googleapis-common-protos-types (1.9.0)
      google-protobuf (~> 3.18)
    grpc (1.58.0)
      google-protobuf (~> 3.23)
      googleapis-common-protos-types (~> 1.0)

PLATFORMS
  arm64-darwin-22

DEPENDENCIES
  google-protobuf
  grpc

BUNDLED WITH
   2.4.10
